GEM
  remote: https://rubygems.org/
  specs:
    childprocess (0.5.1)
      ffi (~> 1.0, >= 1.0.11)
    chunky_png (1.3.0)
    cmdparse (2.0.5)
    colorize (0.7.0)
    ffi (1.9.3)
    gli (2.9.0)
    highline (1.6.21)
    janus-cli (0.2.0)
      colorize (~> 0.7.0)
      gli (~> 2.8)
      oily_png (~> 1.1)
      sauce-connect (~> 3.3.1)
      selenium-webdriver (~> 2.37)
    json (1.8.1)
    mime-types (2.2)
    multi_json (1.9.2)
    net-http-persistent (2.9.4)
    net-ssh (2.8.0)
    net-ssh-gateway (1.2.0)
      net-ssh (>= 2.6.5)
    oily_png (1.1.1)
      chunky_png (~> 1.3.0)
    parallel (1.0.0)
    parallel_tests (0.16.6)
      parallel
    rest-client (1.6.7)
      mime-types (>= 1.16)
    rubyzip (1.1.2)
    sass (3.3.4)
    sauce (3.4.0)
      childprocess (>= 0.1.6)
      cmdparse (>= 2.0.2)
      highline (>= 1.5.0)
      json (>= 1.2.0)
      net-http-persistent
      net-ssh
      net-ssh-gateway
      parallel_tests (= 0.16.6)
      rest-client
      sauce_whisk (~> 0.0.11)
      selenium-webdriver (>= 0.1.2)
    sauce-connect (3.3.1)
      sauce (~> 3.3)
    sauce_whisk (0.0.12)
      rest-client
    selenium-webdriver (2.40.0)
      childprocess (>= 0.5.0)
      multi_json (~> 1.0)
      rubyzip (~> 1.0)
      websocket (~> 1.0.4)
    websocket (1.0.7)

PLATFORMS
  ruby

DEPENDENCIES
  janus-cli
  sass
